GEM
  remote: http://rubygems.org/
  specs:
    fairytale (0.8.0)

PLATFORMS
  ruby

DEPENDENCIES
  fairytale (~> 0.8.0)
