GEM
  remote: http://rubygems.org/
  specs:
    fairytale (0.7.9.3)

PLATFORMS
  ruby

DEPENDENCIES
  fairytale (~> 0.7.9.3)
